PATH
  remote: .
  specs:
    dorian-parallel (0.1.1)
      parallel

GEM
  remote: https://rubygems.org/
  specs:
    parallel (1.24.0)

PLATFORMS
  arm64-darwin-23
  ruby

DEPENDENCIES
  dorian-parallel!

RUBY VERSION
   ruby 3.3.0p0

BUNDLED WITH
   2.5.6
