PATH
  remote: .
  specs:
    dorian-parallel (0.1.1)
      parallel

GEM
  remote: https://rubygems.org/
  specs:
    diff-lcs (1.5.1)
    dorian-times (0.4.0)
    parallel (1.24.0)
    rspec (3.13.0)
      rspec-core (~> 3.13.0)
      rspec-expectations (~> 3.13.0)
      rspec-mocks (~> 3.13.0)
    rspec-core (3.13.0)
      rspec-support (~> 3.13.0)
    rspec-expectations (3.13.0)
      diff-lcs (>= 1.2.0, < 2.0)
      rspec-support (~> 3.13.0)
    rspec-mocks (3.13.0)
      diff-lcs (>= 1.2.0, < 2.0)
      rspec-support (~> 3.13.0)
    rspec-support (3.13.1)

PLATFORMS
  arm64-darwin-23
  ruby

DEPENDENCIES
  dorian-parallel!
  dorian-times
  rspec

RUBY VERSION
   ruby 3.3.0p0

BUNDLED WITH
   2.5.7
